GIT
  remote: https://github.com/collectionspace/collectionspace-client.git
  revision: 1c2507961a4c851a917bee31f130e4cd471dad61
  branch: main
  specs:
    collectionspace-client (1.0.0)
      httparty
      json
      nokogiri

GIT
  remote: https://github.com/kspurgin/almost_standard.git
  revision: 2778fd70246404e9f285a1a41eff3099cdade9ff
  tag: 1.0.1
  specs:
    almost_standard (1.0.1)
      bundler
      rubocop
      rubocop-rspec
      standard

PATH
  remote: .
  specs:
    collectionspace-mapper (6.2.0)
      activesupport
      chronic
      collectionspace-refcache
      dry-configurable
      dry-monads
      memo_wise
      net-http
      nokogiri
      xxhash
      zeitwerk

GEM
  remote: https://rubygems.org/
  specs:
    activesupport (8.0.2)
      base64
      benchmark (>= 0.3)
      bigdecimal
      concurrent-ruby (~> 1.0, >= 1.3.1)
      connection_pool (>= 2.2.5)
      drb
      i18n (>= 1.6, < 2)
      logger (>= 1.4.2)
      minitest (>= 5.1)
      securerandom (>= 0.3)
      tzinfo (~> 2.0, >= 2.0.5)
      uri (>= 0.13.1)
    addressable (2.8.7)
      public_suffix (>= 2.0.2, < 7.0)
    ast (2.4.3)
    base64 (0.2.0)
    benchmark (0.4.0)
    bigdecimal (3.1.9)
    chronic (0.10.2)
    coderay (1.1.3)
    collectionspace-refcache (1.0.0)
      redis (~> 4.2.1)
      zache (~> 0.12.0)
    concurrent-ruby (1.3.5)
    connection_pool (2.5.0)
    crack (1.0.0)
      bigdecimal
      rexml
    csv (3.3.5)
    date (3.4.1)
    diff-lcs (1.6.2)
    debug (1.10.0)
      irb (~> 1.10)
      reline (>= 0.3.8)
    docile (1.4.1)
    drb (2.2.1)
    dry-configurable (0.16.1)
      dry-core (~> 0.6)
      zeitwerk (~> 2.6)
    dry-core (0.9.1)
      concurrent-ruby (~> 1.0)
      zeitwerk (~> 2.6)
    dry-monads (1.5.0)
      concurrent-ruby (~> 1.0)
      dry-core (~> 0.9, >= 0.9)
      zeitwerk (~> 2.6)
    hashdiff (1.1.2)
    httparty (0.23.1)
      csv
      mini_mime (>= 1.0.0)
      multi_xml (>= 0.5.2)
    i18n (1.14.7)
      concurrent-ruby (~> 1.0)
    io-console (0.8.0)
    irb (1.15.2)
      pp (>= 0.6.0)
      rdoc (>= 4.0.0)
      reline (>= 0.4.2)
    json (2.10.2)
    language_server-protocol (3.17.0.4)
    lint_roller (1.1.0)
    logger (1.7.0)
    memo_wise (1.11.0)
    method_source (1.1.0)
    mini_mime (1.1.5)
    minitest (5.25.5)
    multi_xml (0.7.1)
      bigdecimal (~> 3.1)
    net-http (0.6.0)
      uri
    nokogiri (1.18.7-x86_64-darwin)
      racc (~> 1.4)
    nokogiri (1.18.7-x86_64-linux-gnu)
      racc (~> 1.4)
    parallel (1.26.3)
    parser (3.3.7.4)
      ast (~> 2.4.1)
      racc
    pp (0.6.2)
      prettyprint
    prettyprint (0.2.0)
    prism (1.4.0)
    pry (0.15.2)
      coderay (~> 1.1)
      method_source (~> 1.0)
    psych (5.2.3)
      date
      stringio
    public_suffix (6.0.1)
    racc (1.8.1)
    rainbow (3.1.1)
    rdoc (6.13.1)
      psych (>= 4.0.0)
    redis (4.2.5)
    regexp_parser (2.10.0)
    reline (0.6.1)
      io-console (~> 0.5)
    rspec (3.13.1)
    rexml (3.4.1)
      rspec-core (~> 3.13.0)
      rspec-expectations (~> 3.13.0)
      rspec-mocks (~> 3.13.0)
    rspec-core (3.13.5)
      rspec-support (~> 3.13.0)
    rspec-expectations (3.13.5)
      diff-lcs (>= 1.2.0, < 2.0)
      rspec-support (~> 3.13.0)
    rspec-mocks (3.13.5)
      diff-lcs (>= 1.2.0, < 2.0)
      rspec-support (~> 3.13.0)
    rspec-support (3.13.5)
    rubocop (1.75.2)
      json (~> 2.3)
      language_server-protocol (~> 3.17.0.2)
      lint_roller (~> 1.1.0)
      parallel (~> 1.10)
      parser (>= 3.3.0.2)
      rainbow (>= 2.2.2, < 4.0)
      regexp_parser (>= 2.9.3, < 3.0)
      rubocop-ast (>= 1.44.0, < 2.0)
      ruby-progressbar (~> 1.7)
      unicode-display_width (>= 2.4.0, < 4.0)
    rubocop-ast (1.44.0)
      parser (>= 3.3.7.2)
      prism (~> 1.4)
    rubocop-performance (1.25.0)
      lint_roller (~> 1.1)
      rubocop (>= 1.75.0, < 2.0)
      rubocop-ast (>= 1.38.0, < 2.0)
    rubocop-rspec (3.5.0)
      lint_roller (~> 1.1)
      rubocop (~> 1.72, >= 1.72.1)
    ruby-progressbar (1.13.0)
    securerandom (0.4.1)
    simplecov (0.22.0)
      docile (~> 1.1)
      simplecov-html (~> 0.11)
      simplecov_json_formatter (~> 0.1)
    simplecov-html (0.13.1)
    simplecov_json_formatter (0.1.4)
    standard (1.49.0)
      language_server-protocol (~> 3.17.0.2)
      lint_roller (~> 1.0)
      rubocop (~> 1.75.2)
      standard-custom (~> 1.0.0)
      standard-performance (~> 1.8)
    standard-custom (1.0.2)
      lint_roller (~> 1.0)
      rubocop (~> 1.50)
    standard-performance (1.8.0)
      lint_roller (~> 1.1)
      rubocop-performance (~> 1.25.0)
    stringio (3.1.6)
    tzinfo (2.0.6)
      concurrent-ruby (~> 1.0)
    unicode-display_width (3.1.4)
      unicode-emoji (~> 4.0, >= 4.0.4)
    unicode-emoji (4.0.4)
    uri (1.0.3)
    vcr (6.3.1)
      base64
    webmock (3.25.1)
      addressable (>= 2.8.0)
      crack (>= 0.3.2)
      hashdiff (>= 0.4.0, < 2.0.0)
    xxhash (0.6.0)
    zache (0.12.0)
    zeitwerk (2.7.2)

PLATFORMS
  x86_64-darwin-20
  x86_64-darwin-22
  x86_64-linux

DEPENDENCIES
  almost_standard!
  collectionspace-client!
  collectionspace-mapper!
  debug
  pry
  rspec
  simplecov
  vcr
  webmock

BUNDLED WITH
   2.4.1
