GIT
  remote: https://github.com/collectionspace/collectionspace-client.git
  revision: 62b4519539eec8a24af95ba57b16d2a3fb2920f2
  branch: main
  specs:
    collectionspace-client (0.15.1)
      httparty
      json
      nokogiri

GIT
  remote: https://github.com/kspurgin/almost_standard.git
  revision: 418bea721ba1c0144d55f2588a4120c1eb4d4b1c
  tag: 1.0.0
  specs:
    almost_standard (1.0.0)
      bundler
      rubocop
      rubocop-rspec
      standard

PATH
  remote: .
  specs:
    collectionspace-mapper (6.1.0)
      activesupport (= 6.0.4.7)
      chronic
      collectionspace-refcache
      dry-configurable (~> 0.14)
      dry-monads (~> 1.4)
      memo_wise
      nokogiri
      xxhash (>= 0.4.0)
      zeitwerk (~> 2.5)

GEM
  remote: https://rubygems.org/
  specs:
    activesupport (6.0.4.7)
      concurrent-ruby (~> 1.0, >= 1.0.2)
      i18n (>= 0.7, < 2)
      minitest (~> 5.1)
      tzinfo (~> 1.1)
      zeitwerk (~> 2.2, >= 2.2.2)
    addressable (2.8.1)
      public_suffix (>= 2.0.2, < 6.0)
    ast (2.4.2)
    base64 (0.2.0)
    chronic (0.10.2)
    coderay (1.1.3)
    collectionspace-refcache (1.0.0)
      redis (~> 4.2.1)
      zache (~> 0.12.0)
    concurrent-ruby (1.2.2)
    crack (0.4.5)
      rexml
    csv (3.3.3)
    debug (1.8.0)
      irb (>= 1.5.0)
      reline (>= 0.3.1)
    diff-lcs (1.6.1)
    docile (1.4.0)
    dry-configurable (0.16.1)
      dry-core (~> 0.6)
      zeitwerk (~> 2.6)
    dry-core (0.9.1)
      concurrent-ruby (~> 1.0)
      zeitwerk (~> 2.6)
    dry-monads (1.5.0)
      concurrent-ruby (~> 1.0)
      dry-core (~> 0.9, >= 0.9)
      zeitwerk (~> 2.6)
    hashdiff (1.0.1)
    httparty (0.23.1)
      csv
      mini_mime (>= 1.0.0)
      multi_xml (>= 0.5.2)
    i18n (1.12.0)
      concurrent-ruby (~> 1.0)
    io-console (0.6.0)
    irb (1.8.0)
      rdoc (~> 6.5)
      reline (>= 0.3.6)
    json (2.6.3)
    language_server-protocol (3.17.0.3)
    lint_roller (1.1.0)
    memo_wise (1.11.0)
    method_source (1.1.0)
    mini_mime (1.1.5)
    minitest (5.18.0)
    multi_xml (0.6.0)
    nokogiri (1.17.2-x86_64-darwin)
      racc (~> 1.4)
    nokogiri (1.17.2-x86_64-linux)
      racc (~> 1.4)
    parallel (1.26.3)
    parser (3.3.4.2)
      ast (~> 2.4.1)
      racc
    pry (0.15.2)
      coderay (~> 1.1)
      method_source (~> 1.0)
    psych (5.1.0)
      stringio
    public_suffix (5.0.1)
    racc (1.8.1)
    rainbow (3.1.1)
    rdoc (6.5.0)
      psych (>= 4.0.0)
    redis (4.2.5)
    regexp_parser (2.9.2)
    reline (0.3.8)
      io-console (~> 0.5)
    rexml (3.2.6)
    rspec (3.13.0)
      rspec-core (~> 3.13.0)
      rspec-expectations (~> 3.13.0)
      rspec-mocks (~> 3.13.0)
    rspec-core (3.13.3)
      rspec-support (~> 3.13.0)
    rspec-expectations (3.13.3)
      diff-lcs (>= 1.2.0, < 2.0)
      rspec-support (~> 3.13.0)
    rspec-mocks (3.13.2)
      diff-lcs (>= 1.2.0, < 2.0)
      rspec-support (~> 3.13.0)
    rspec-support (3.13.2)
    rubocop (1.65.1)
      json (~> 2.3)
      language_server-protocol (>= 3.17.0)
      parallel (~> 1.10)
      parser (>= 3.3.0.2)
      rainbow (>= 2.2.2, < 4.0)
      regexp_parser (>= 2.4, < 3.0)
      rexml (>= 3.2.5, < 4.0)
      rubocop-ast (>= 1.31.1, < 2.0)
      ruby-progressbar (~> 1.7)
      unicode-display_width (>= 2.4.0, < 3.0)
    rubocop-ast (1.32.1)
      parser (>= 3.3.1.0)
    rubocop-performance (1.21.1)
      rubocop (>= 1.48.1, < 2.0)
      rubocop-ast (>= 1.31.1, < 2.0)
    rubocop-rspec (3.0.4)
      rubocop (~> 1.61)
    ruby-progressbar (1.13.0)
    simplecov (0.22.0)
      docile (~> 1.1)
      simplecov-html (~> 0.11)
      simplecov_json_formatter (~> 0.1)
    simplecov-html (0.12.3)
    simplecov_json_formatter (0.1.4)
    standard (1.40.0)
      language_server-protocol (~> 3.17.0.2)
      lint_roller (~> 1.0)
      rubocop (~> 1.65.0)
      standard-custom (~> 1.0.0)
      standard-performance (~> 1.4)
    standard-custom (1.0.2)
      lint_roller (~> 1.0)
      rubocop (~> 1.50)
    standard-performance (1.4.0)
      lint_roller (~> 1.1)
      rubocop-performance (~> 1.21.0)
    stringio (3.0.8)
    thread_safe (0.3.6)
    tzinfo (1.2.10)
      thread_safe (~> 0.1)
    unicode-display_width (2.5.0)
    vcr (6.3.1)
      base64
    webmock (3.18.1)
      addressable (>= 2.8.0)
      crack (>= 0.3.2)
      hashdiff (>= 0.4.0, < 2.0.0)
    xxhash (0.5.0)
    zache (0.12.0)
    zeitwerk (2.6.7)

PLATFORMS
  x86_64-darwin-20
  x86_64-darwin-22
  x86_64-linux

DEPENDENCIES
  almost_standard!
  collectionspace-client!
  collectionspace-mapper!
  debug
  pry
  rspec
  simplecov
  vcr
  webmock

BUNDLED WITH
   2.4.1
